GEM
  remote: http://rubygems.org/
  specs:
    configuration (1.3.1)
    git (1.2.5)
    git-ssh-wrapper (0.0.1)
    heroku (2.17.0)
      launchy (>= 0.3.2)
      rest-client (~> 1.6.1)
      rubyzip
      term-ansicolor (~> 1.0.5)
    launchy (0.3.7)
      configuration (>= 0.0.5)
      rake (>= 0.8.1)
    mime-types (1.17.2)
    rack (1.4.0)
    rack-protection (1.1.4)
      rack
    rake (0.8.7)
    rest-client (1.6.7)
      mime-types (>= 1.16)
    rubyzip (0.9.5)
    sinatra (1.3.1)
      rack (~> 1.3, >= 1.3.4)
      rack-protection (~> 1.1, >= 1.1.2)
      tilt (~> 1.3, >= 1.3.3)
    term-ansicolor (1.0.7)
    tilt (1.3.3)

PLATFORMS
  ruby

DEPENDENCIES
  git
  git-ssh-wrapper
  heroku
  sinatra
